PATH
  remote: .
  specs:
    kontena-mortar (0.2.0.pre5)
      clamp (~> 1.3)
      deep_merge (~> 1.2)
      k8s-client (~> 0.4.1)
      pastel (~> 0.7.2)
      rouge (~> 3.2)

GEM
  remote: https://rubygems.org/
  specs:
    clamp (1.3.0)
    concurrent-ruby (1.0.5)
    deep_merge (1.2.1)
    diff-lcs (1.3)
    dry-configurable (0.7.0)
      concurrent-ruby (~> 1.0)
    dry-container (0.6.0)
      concurrent-ruby (~> 1.0)
      dry-configurable (~> 0.1, >= 0.1.3)
    dry-core (0.4.7)
      concurrent-ruby (~> 1.0)
    dry-equalizer (0.2.1)
    dry-inflector (0.1.2)
    dry-logic (0.4.2)
      dry-container (~> 0.2, >= 0.2.6)
      dry-core (~> 0.2)
      dry-equalizer (~> 0.2)
    dry-struct (0.5.1)
      dry-core (~> 0.4, >= 0.4.3)
      dry-equalizer (~> 0.2)
      dry-types (~> 0.13)
      ice_nine (~> 0.11)
    dry-types (0.13.2)
      concurrent-ruby (~> 1.0)
      dry-container (~> 0.3)
      dry-core (~> 0.4, >= 0.4.4)
      dry-equalizer (~> 0.2)
      dry-inflector (~> 0.1, >= 0.1.2)
      dry-logic (~> 0.4, >= 0.4.2)
    equatable (0.5.0)
    excon (0.62.0)
    hashdiff (0.3.7)
    ice_nine (0.11.2)
    k8s-client (0.4.1)
      deep_merge (~> 1.2.1)
      dry-struct (~> 0.5.0)
      excon (~> 0.62.0)
      hashdiff (~> 0.3.7)
      recursive-open-struct (~> 1.1.0)
    pastel (0.7.2)
      equatable (~> 0.5.0)
      tty-color (~> 0.4.0)
    rake (10.5.0)
    recursive-open-struct (1.1.0)
    rouge (3.2.1)
    rspec (3.8.0)
      rspec-core (~> 3.8.0)
      rspec-expectations (~> 3.8.0)
      rspec-mocks (~> 3.8.0)
    rspec-core (3.8.0)
      rspec-support (~> 3.8.0)
    rspec-expectations (3.8.1)
      diff-lcs (>= 1.2.0, < 2.0)
      rspec-support (~> 3.8.0)
    rspec-mocks (3.8.0)
      diff-lcs (>= 1.2.0, < 2.0)
      rspec-support (~> 3.8.0)
    rspec-support (3.8.0)
    tty-color (0.4.3)

PLATFORMS
  ruby

DEPENDENCIES
  bundler (~> 1.16)
  kontena-mortar!
  rake (~> 10.0)
  rspec (~> 3.0)

BUNDLED WITH
   1.16.3
